GEM
  remote: https://rubygems.org/
  specs:
    addressable (2.5.2)
      public_suffix (>= 2.0.2, < 4.0)
    byebug (10.0.2)
    chronic (0.10.2)
    foreman (0.85.0)
      thor (~> 0.19.1)
    image_optimizer (1.8.0)
    mina (1.2.3)
      open4 (~> 1.3.4)
      rake
    mina-puma (1.1.0)
      mina (~> 1.2.0)
      puma (>= 2.13)
    mina-whenever (1.0.1)
      mina (~> 1.0)
    mini_magick (4.9.2)
    mustermann (1.0.3)
    open4 (1.3.4)
    public_suffix (3.0.3)
    puma (3.12.0)
    rack (2.0.6)
    rack-protection (2.0.4)
      rack
    rake (12.3.1)
    rubyzip (1.3.0)
    sinatra (2.0.4)
      mustermann (~> 1.0)
      rack (~> 2.0)
      rack-protection (= 2.0.4)
      tilt (~> 2.0)
    slim (4.0.1)
      temple (>= 0.7.6, < 0.9)
      tilt (>= 2.0.6, < 2.1)
    temple (0.8.0)
    thor (0.19.4)
    tilt (2.0.9)
    whenever (0.10.0)
      chronic (>= 0.6.3)

PLATFORMS
  ruby

DEPENDENCIES
  addressable
  byebug
  foreman
  image_optimizer
  mina
  mina-puma
  mina-whenever
  mini_magick
  puma
  rake
  rubyzip
  sinatra
  slim
  whenever

BUNDLED WITH
   1.15.4
