GEM
  remote: https://rubygems.org/
  specs:
    byebug (9.0.6)
    image_optimizer (1.7.0)
    mini_magick (4.7.1)
    mustermann (1.0.0)
    puma (3.6.0)
    rack (2.0.3)
    rack-protection (2.0.0)
      rack
    rake (12.0.0)
    rubyzip (1.2.0)
    sinatra (2.0.0)
      mustermann (~> 1.0)
      rack (~> 2.0)
      rack-protection (= 2.0.0)
      tilt (~> 2.0)
    slim (3.0.7)
      temple (~> 0.7.6)
      tilt (>= 1.3.3, < 2.1)
    temple (0.7.7)
    tilt (2.0.7)

PLATFORMS
  ruby

DEPENDENCIES
  byebug
  image_optimizer
  mini_magick
  puma
  rake
  rubyzip
  sinatra
  slim

BUNDLED WITH
   1.12.3
