GEM
  remote: https://rubygems.org/
  specs:
    addressable (2.5.1)
      public_suffix (~> 2.0, >= 2.0.2)
    byebug (9.0.6)
    chronic (0.10.2)
    foreman (0.84.0)
      thor (~> 0.19.1)
    image_optimizer (1.7.0)
    mina (1.0.6)
      open4 (~> 1.3.4)
      rake
    mina-puma (1.0.1)
      mina (~> 1.0.0)
      puma (>= 2.13)
    mina-whenever (1.0.0)
      mina (~> 1.0.0)
    mini_magick (4.7.1)
    mustermann (1.0.0)
    open4 (1.3.4)
    public_suffix (2.0.5)
    puma (3.6.0)
    rack (2.0.3)
    rack-protection (2.0.0)
      rack
    rake (12.0.0)
    rubyzip (1.2.0)
    sinatra (2.0.0)
      mustermann (~> 1.0)
      rack (~> 2.0)
      rack-protection (= 2.0.0)
      tilt (~> 2.0)
    slim (3.0.7)
      temple (~> 0.7.6)
      tilt (>= 1.3.3, < 2.1)
    temple (0.7.7)
    thor (0.19.4)
    tilt (2.0.7)
    whenever (0.9.7)
      chronic (>= 0.6.3)

PLATFORMS
  ruby

DEPENDENCIES
  addressable
  byebug
  foreman
  image_optimizer
  mina
  mina-puma
  mina-whenever
  mini_magick
  puma
  rake
  rubyzip
  sinatra
  slim
  whenever

BUNDLED WITH
   1.15.1
